GIT
  remote: git://github.com/djstrong/progress.git
  revision: 46b34854f62c5f96a116cd971cd6d6226796e35c
  specs:
    progress (3.0.0)

GEM
  remote: http://rubygems.org/
  specs:
    cycr (0.2.7)
      ref (~> 1.0.0)
    iconv (1.0.4)
    ref (1.0.5)
    rwordnet (1.0.0)
    slop (3.6.0)
    wiktionary (0.1.0)

PLATFORMS
  ruby

DEPENDENCIES
  cycr (~> 0.2.7)
  iconv
  progress!
  rwordnet
  slop (~> 3.6.0)
  wiktionary
